GIT
  remote: git://github.com/henrrrik/lita-giphy.git
  revision: dda31fb2885206a3ae7e0959e3e2f5a77de10a57
  specs:
    lita-giphy (1.0.1)
      lita (~> 3.0)

GIT
  remote: git://github.com/henrrrik/lita-holmstrom.git
  revision: cf61259ef92d6a946ca5f68840ae1cf2cd1eb257
  specs:
    lita-holmstrom (1.0.1)
      lita (~> 3.0)

GIT
  remote: git://github.com/henrrrik/lita-nerd.git
  revision: 8df6b8177ced6b37e6bdcdb1268b03ac857705a2
  specs:
    lita-nerd (1.0.1)
      lita (~> 3.0)

GEM
  remote: https://rubygems.org/
  remote: https://sr9bdZCARFKkWwxW2in4@gem.fury.io/kollegorna/
  specs:
    faraday (0.9.0)
      multipart-post (>= 1.2, < 3)
    http_router (0.11.1)
      rack (>= 1.0.0)
      url_mount (~> 0.2.1)
    i18n (0.6.9)
    ice_nine (0.11.0)
    lita (3.0.2)
      bundler (>= 1.3)
      faraday (>= 0.8.7)
      http_router (>= 0.11.1)
      i18n (>= 0.6.9)
      ice_nine (>= 0.11.0)
      multi_json (>= 1.7.7)
      puma (>= 2.7.1)
      rack (>= 1.5.2)
      redis-namespace (>= 1.3.0)
      thor (>= 0.18.1)
    lita-hipchat (1.3.1)
      lita (>= 2.5)
      xmpp4r (>= 0.5.6)
    lita-imgflip (1.0.2)
      lita (~> 3.0)
    lita-likeaboss (1.0.2)
      lita (~> 3.0)
    multi_json (1.8.4)
    multipart-post (2.0.0)
    puma (2.7.1)
      rack (>= 1.1, < 2.0)
    rack (1.5.2)
    redis (3.0.7)
    redis-namespace (1.4.1)
      redis (~> 3.0.4)
    thor (0.18.1)
    url_mount (0.2.1)
      rack
    xmpp4r (0.5.6)

PLATFORMS
  ruby

DEPENDENCIES
  lita (~> 3.0)
  lita-giphy!
  lita-hipchat (~> 1.3)
  lita-holmstrom!
  lita-imgflip
  lita-likeaboss
  lita-nerd!
