GIT
  remote: git://github.com/henrrrik/lita-holmstrom.git
  revision: 78dcd3b82baf3d9e39ca3a71f71a000c5fe4821f
  specs:
    lita-holmstrom (1.0.0)
      lita (~> 2.0)

GIT
  remote: git://github.com/henrrrik/lita-imgflip.git
  revision: 889879541e993679db56ae0474235b54a4a65201
  specs:
    lita-imgflip (1.0.1)
      lita (~> 2.0)

GIT
  remote: git://github.com/henrrrik/lita-nerd.git
  revision: 9dd6f0e1f368ed7226169d831e2ad8af190e6982
  specs:
    lita-nerd (1.0.0)
      lita (~> 2.0)

GIT
  remote: git://github.com/killpack/lita-pugbomb.git
  revision: 13793d41efce09cc0423562e9ec8d6384b000b57
  specs:
    lita-pugbomb (1.0.0)
      lita (~> 2.0)

GEM
  remote: https://rubygems.org/
  remote: https://sr9bdZCARFKkWwxW2in4@gem.fury.io/kollegorna/
  specs:
    daemons (1.1.9)
    eventmachine (1.0.3)
    faraday (0.8.8)
      multipart-post (~> 1.2.0)
    lita (2.6.0)
      bundler (>= 1.3)
      faraday (>= 0.8.7)
      multi_json (>= 1.7.7)
      rack (>= 1.5.2)
      redis-namespace (>= 1.3.0)
      thin (>= 1.5.1)
      thor (>= 0.18.1)
    lita-coin (0.0.1)
      lita (~> 2.3)
    lita-eightball (1.0.1)
      lita (~> 2.0)
    lita-excuses (0.0.3)
      lita (~> 2.2)
      nokogiri
    lita-flip (0.0.2)
      lita
    lita-giphy (1.0.1)
      lita (~> 2.0)
    lita-google-images (1.0.2)
      lita (~> 2.0)
    lita-helen (0.0.2)
      lita (~> 2.5)
    lita-hipchat (1.2.1)
      lita (~> 2.5)
      xmpp4r (~> 0.5)
    lita-karma (2.0.0)
      lita (~> 2.6)
    lita-likeaboss (1.0.1)
      lita (~> 2.0)
    mini_portile (0.5.2)
    multi_json (1.8.2)
    multipart-post (1.2.0)
    nokogiri (1.6.0)
      mini_portile (~> 0.5.0)
    rack (1.5.2)
    redis (3.0.6)
    redis-namespace (1.3.2)
      redis (~> 3.0.4)
    thin (1.6.1)
      daemons (>= 1.0.9)
      eventmachine (>= 1.0.0)
      rack (>= 1.0.0)
    thor (0.18.1)
    xmpp4r (0.5.5)

PLATFORMS
  ruby

DEPENDENCIES
  lita
  lita-coin
  lita-eightball
  lita-excuses
  lita-flip
  lita-giphy
  lita-google-images
  lita-helen
  lita-hipchat
  lita-holmstrom!
  lita-imgflip!
  lita-karma
  lita-likeaboss
  lita-nerd!
  lita-pugbomb!
