GEM
  remote: https://rubygems.org/
  remote: https://sr9bdZCARFKkWwxW2in4@gem.fury.io/kollegorna/
  specs:
    daemons (1.1.9)
    eventmachine (1.0.3)
    faraday (0.8.8)
      multipart-post (~> 1.2.0)
    lita (2.5.0)
      bundler (~> 1.3)
      faraday (~> 0.8.7)
      multi_json (~> 1.7.7)
      rack (~> 1.5.2)
      redis-namespace (~> 1.3.0)
      thin (~> 1.5.1)
      thor (~> 0.18.1)
    lita-animate (1.0.0)
      lita (~> 2.0)
    lita-coin (0.0.1)
      lita (~> 2.3)
    lita-eightball (1.0.1)
      lita (~> 2.0)
    lita-excuses (0.0.3)
      lita (~> 2.2)
      nokogiri
    lita-flip (0.0.2)
      lita
    lita-google-images (1.0.2)
      lita (~> 2.0)
    lita-helen (0.0.2)
      lita (~> 2.5)
    lita-hipchat (1.2.0)
      lita (~> 2.5)
      xmpp4r (~> 0.5)
    lita-karma (1.2.0)
      lita (~> 2.0)
    lita-memegen (1.0.2)
      lita (~> 2.0)
    mini_portile (0.5.1)
    multi_json (1.7.9)
    multipart-post (1.2.0)
    nokogiri (1.6.0)
      mini_portile (~> 0.5.0)
    rack (1.5.2)
    redis (3.0.5)
    redis-namespace (1.3.1)
      redis (~> 3.0.0)
    thin (1.5.1)
      daemons (>= 1.0.9)
      eventmachine (>= 0.12.6)
      rack (>= 1.0.0)
    thor (0.18.1)
    xmpp4r (0.5.5)

PLATFORMS
  ruby

DEPENDENCIES
  lita
  lita-animate
  lita-coin
  lita-eightball
  lita-excuses
  lita-flip
  lita-google-images
  lita-helen
  lita-hipchat
  lita-karma
  lita-memegen
