GIT
  remote: git://github.com/dencarlsson/lita-polite.git
  revision: 31090c61ac1fc980aa7ada25c68d43b23e1a869c
  specs:
    lita-polite (0.1.0)
      lita (>= 4.3)

GIT
  remote: git://github.com/emmnunes/lita-logo.git
  revision: f17aff3a7fb1a01ffbdd40e7001aef8d5dc1ecbb
  specs:
    lita-logo (0.1.0)
      lita (>= 4.3)

GIT
  remote: git://github.com/henrrrik/lita-doitlive.git
  revision: b69e870c501769813bfbd1e599c90760b95bc424
  specs:
    lita-doitlive (1.1.0)
      lita (~> 4.0)

GIT
  remote: git://github.com/henrrrik/lita-giphy.git
  revision: 694d3a688a96b0547cc7b180b1e450569713af11
  specs:
    lita-giphy (1.0.2)
      lita (>= 2.0)

GIT
  remote: git://github.com/henrrrik/lita-holmstrom.git
  revision: 05b7ef07d3982ae8c4d3e7feae1fc2f27c271f2f
  specs:
    lita-holmstrom (1.1.0)
      lita (~> 4.0)

GIT
  remote: git://github.com/henrrrik/lita-imgflip.git
  revision: 8d016717dd8efa0a824a4ddfb133f24074ca79d1
  specs:
    lita-imgflip (1.1.0)
      lita (~> 4.0)

GIT
  remote: git://github.com/henrrrik/lita-nerd.git
  revision: fe868c323d774f3ef0a3c20a8e763ed5dc697ad0
  specs:
    lita-nerd (1.1.1)
      lita (~> 4.0)

GIT
  remote: git://github.com/henrrrik/lita-pugbomb.git
  revision: 96e217b74ebe053ac19ec87d0e23c41a4880dbff
  specs:
    lita-pugbomb (1.0.1)
      lita (>= 2.0)

GIT
  remote: git://github.com/henrrrik/lita-time.git
  revision: 9a5f91a3503b46dcdf6ec1a36377b8924254f7d0
  specs:
    lita-time (0.0.1)
      lita (>= 3.3)

GEM
  remote: https://rubygems.org/
  specs:
    artii (2.1.1)
    compass_rose (0.1.3)
    eventmachine (1.0.8)
    faraday (0.9.2)
      multipart-post (>= 1.2, < 3)
    faye-websocket (0.10.2)
      eventmachine (>= 0.12.0)
      websocket-driver (>= 0.5.1)
    forecast_io (2.0.0)
      faraday
      hashie
      multi_json
    geocoder (1.2.9)
    hashie (3.4.2)
    http_router (0.11.2)
      rack (>= 1.0.0)
      url_mount (~> 0.2.1)
    i18n (0.7.0)
    ice_nine (0.11.2)
    lita (4.7.0)
      bundler (>= 1.3)
      faraday (>= 0.8.7)
      http_router (>= 0.11.2)
      i18n (>= 0.6.9)
      ice_nine (>= 0.11.0)
      multi_json (>= 1.7.7)
      puma (>= 2.7.1)
      rack (>= 1.5.2)
      rb-readline (>= 0.5.1)
      redis-namespace (>= 1.3.0)
      thor (>= 0.18.1)
    lita-applause (0.0.2)
      lita (>= 4.0)
    lita-ascii-art (0.0.3)
      artii (>= 2.0.4)
      lita (>= 3.0.0)
    lita-coin (0.0.3)
      lita (>= 2.3)
    lita-flip (1.0.1)
      lita
    lita-forecast (0.1.7)
      compass_rose (~> 0.1.0)
      forecast_io (~> 2.0.0)
      geocoder (~> 1.1, >= 1.1.9)
      hashie (~> 3.0)
      lita (>= 3.0.0)
    lita-google-images (2.0.0)
      lita (>= 4.0)
    lita-likeaboss (1.1.0)
      lita (~> 4.0)
    lita-shipit (0.1.0)
      lita (>= 4.0)
    lita-slack (1.7.2)
      eventmachine
      faraday
      faye-websocket (>= 0.8.0)
      lita (>= 4.6.0)
      multi_json
    multi_json (1.11.2)
    multipart-post (2.0.0)
    puma (3.0.2)
    rack (1.6.4)
    rb-readline (0.5.3)
    redis (3.2.2)
    redis-namespace (1.5.2)
      redis (~> 3.0, >= 3.0.4)
    thor (0.19.1)
    url_mount (0.2.1)
      rack
    websocket-driver (0.6.3)
      websocket-extensions (>= 0.1.0)
    websocket-extensions (0.1.2)

PLATFORMS
  ruby

DEPENDENCIES
  lita (~> 4.0)
  lita-applause
  lita-ascii-art
  lita-coin
  lita-doitlive!
  lita-flip
  lita-forecast
  lita-giphy!
  lita-google-images
  lita-holmstrom!
  lita-imgflip!
  lita-likeaboss
  lita-logo!
  lita-nerd!
  lita-polite!
  lita-pugbomb!
  lita-shipit
  lita-slack
  lita-time!

BUNDLED WITH
   1.10.6
